GEM
  remote: https://rubygems.org/
  specs:
    diff-lcs (1.2.5)
    docker-api (1.26.2)
      excon (>= 0.38.0)
      json
    excon (0.48.0)
    json (1.8.3)
    multi_json (1.11.2)
    net-scp (1.2.1)
      net-ssh (>= 2.6.5)
    net-ssh (3.1.1)
    rake (11.1.2)
    rspec (3.4.0)
      rspec-core (~> 3.4.0)
      rspec-expectations (~> 3.4.0)
      rspec-mocks (~> 3.4.0)
    rspec-core (3.4.3)
      rspec-support (~> 3.4.0)
    rspec-expectations (3.4.0)
      diff-lcs (>= 1.2.0, < 2.0)
      rspec-support (~> 3.4.0)
    rspec-its (1.2.0)
      rspec-core (>= 3.0.0)
      rspec-expectations (>= 3.0.0)
    rspec-mocks (3.4.1)
      diff-lcs (>= 1.2.0, < 2.0)
      rspec-support (~> 3.4.0)
    rspec-support (3.4.1)
    serverspec (2.8.2)
      multi_json
      rspec (~> 3.0)
      rspec-its
      specinfra (~> 2.12)
    specinfra (2.12.7)
      net-scp
      net-ssh

PLATFORMS
  ruby

DEPENDENCIES
  docker-api (= 1.26.2)
  excon (= 0.48.0)
  rake
  serverspec
  specinfra (= 2.12.7)

BUNDLED WITH
   1.11.2